PATH
  remote: .
  specs:
    nixon_pi (1.2.0.pre)
      activesupport (~> 4.2)
      bunny (~> 1.7)
      chronic_duration (~> 0.10)
      colorize (~> 0.7)
      foreman (~> 0.78)
      haml (~> 4.0)
      json (~> 1.8)
      rufus-scheduler (~> 3.1)
      sequel (~> 4.22)
      settingslogic (~> 2.0)
      sinatra (~> 1.4)
      sinatra-activerecord (~> 2.0)
      sinatra-contrib (~> 1.4)
      sinatra-formhelpers (~> 0.4)
      sinatra-jsonp (~> 0.4)
      sqlite3 (~> 1.3)
      state_machine (~> 1.2)
      thin (~> 1.6)
      thor (~> 0.19)

GEM
  remote: https://rubygems.org/
  specs:
    activemodel (4.2.1)
      activesupport (= 4.2.1)
      builder (~> 3.1)
    activerecord (4.2.1)
      activemodel (= 4.2.1)
      activesupport (= 4.2.1)
      arel (~> 6.0)
    activesupport (4.2.1)
      i18n (~> 0.7)
      json (~> 1.7, >= 1.7.7)
      minitest (~> 5.1)
      thread_safe (~> 0.3, >= 0.3.4)
      tzinfo (~> 1.1)
    amq-protocol (1.9.2)
    arel (6.0.0)
    backports (3.6.4)
    builder (3.2.2)
    bunny (1.7.0)
      amq-protocol (>= 1.9.2)
    capistrano (3.4.0)
      i18n
      rake (>= 10.0.0)
      sshkit (~> 1.3)
    capistrano-bundler (1.1.3)
      capistrano (~> 3.1)
      sshkit (~> 1.2)
    capistrano-rvm (0.1.2)
      capistrano (~> 3.0)
      sshkit (~> 1.2)
    chronic_duration (0.10.6)
      numerizer (~> 0.1.1)
    colorize (0.7.7)
    commonjs (0.2.7)
    daemons (1.2.2)
    diff-lcs (1.2.5)
    docile (1.1.5)
    eventmachine (1.0.7)
    foreman (0.78.0)
      thor (~> 0.19.1)
    haml (4.0.6)
      tilt
    i18n (0.7.0)
    json (1.8.2)
    less (2.6.0)
      commonjs (~> 0.2.7)
    metaclass (0.0.4)
    minitest (5.6.1)
    mocha (1.1.0)
      metaclass (~> 0.0.1)
    multi_json (1.11.0)
    net-scp (1.2.1)
      net-ssh (>= 2.6.5)
    net-ssh (2.9.2)
    numerizer (0.1.1)
    rack (1.6.1)
    rack-protection (1.5.3)
      rack
    rack-test (0.6.3)
      rack (>= 1.0)
    rake (10.4.2)
    rdoc (4.2.0)
    rspec (3.2.0)
      rspec-core (~> 3.2.0)
      rspec-expectations (~> 3.2.0)
      rspec-mocks (~> 3.2.0)
    rspec-core (3.2.3)
      rspec-support (~> 3.2.0)
    rspec-expectations (3.2.1)
      diff-lcs (>= 1.2.0, < 2.0)
      rspec-support (~> 3.2.0)
    rspec-mocks (3.2.1)
      diff-lcs (>= 1.2.0, < 2.0)
      rspec-support (~> 3.2.0)
    rspec-support (3.2.2)
    ruby-graphviz (1.2.2)
    rufus-scheduler (3.1.1)
    rvm-capistrano (1.5.0)
      capistrano (>= 2.15.4)
    sequel (4.22.0)
    settingslogic (2.0.9)
    shoulda-matchers (2.8.0)
      activesupport (>= 3.0.0)
    simplecov (0.10.0)
      docile (~> 1.1.0)
      json (~> 1.8)
      simplecov-html (~> 0.10.0)
    simplecov-gem-adapter (1.0.1)
      simplecov
    simplecov-html (0.10.0)
    sinatra (1.4.6)
      rack (~> 1.4)
      rack-protection (~> 1.4)
      tilt (>= 1.3, < 3)
    sinatra-activerecord (2.0.6)
      activerecord (>= 3.2)
      sinatra (~> 1.0)
    sinatra-contrib (1.4.2)
      backports (>= 2.0)
      multi_json
      rack-protection
      rack-test
      sinatra (~> 1.4.0)
      tilt (~> 1.3)
    sinatra-formhelpers (0.4.0)
    sinatra-jsonp (0.4.4)
      multi_json (~> 1.8)
      sinatra (~> 1.0)
    sqlite3 (1.3.10)
    sshkit (1.7.1)
      colorize (>= 0.7.0)
      net-scp (>= 1.1.2)
      net-ssh (>= 2.8.0)
    state_machine (1.2.0)
    thin (1.6.3)
      daemons (~> 1.0, >= 1.0.9)
      eventmachine (~> 1.0)
      rack (~> 1.0)
    thor (0.19.1)
    thread_safe (0.3.5)
    tilt (1.4.1)
    tzinfo (1.2.2)
      thread_safe (~> 0.1)

PLATFORMS
  ruby

DEPENDENCIES
  bundler (~> 1.9)
  capistrano (~> 3.0)
  capistrano-bundler (~> 1.1)
  capistrano-rvm (~> 0.1)
  less (~> 2.6)
  mocha (~> 1.1)
  nixon_pi!
  rdoc (~> 4.2)
  rspec (~> 3.2)
  ruby-graphviz (~> 1.2)
  rvm-capistrano (~> 1.5)
  shoulda-matchers (~> 2.8)
  simplecov (~> 0.10)
  simplecov-gem-adapter (~> 1.0)
